PATH
  remote: .
  specs:
    grac (3.1.0)
      typhoeus (~> 1)

GEM
  remote: http://rubygems.org/
  specs:
    builder (3.2.3)
    diff-lcs (1.3)
    ethon (0.11.0)
      ffi (>= 1.3.0)
    ffi (1.9.25)
    rack (1.6.8)
    rack-test (0.7.0)
      rack (>= 1.0, < 3)
    rake (12.3.0)
    rspec (3.7.0)
      rspec-core (~> 3.7.0)
      rspec-expectations (~> 3.7.0)
      rspec-mocks (~> 3.7.0)
    rspec-core (3.7.1)
      rspec-support (~> 3.7.0)
    rspec-expectations (3.7.0)
      diff-lcs (>= 1.2.0, < 2.0)
      rspec-support (~> 3.7.0)
    rspec-mocks (3.7.0)
      diff-lcs (>= 1.2.0, < 2.0)
      rspec-support (~> 3.7.0)
    rspec-support (3.7.0)
    typhoeus (1.3.0)
      ethon (>= 0.9.0)

PLATFORMS
  ruby

DEPENDENCIES
  builder (~> 3.2)
  grac!
  rack-test (~> 0.7)
  rake (~> 12.3)
  rspec (~> 3.7)

BUNDLED WITH
   1.16.1
